GIT
  remote: https://github.com/lynndylanhurley/devise_token_auth.git
  revision: 2a3cb88c9b893a756aebd80d18d29d84a6f94ecb
  specs:
    devise_token_auth (0.1.34)
      devise (~> 3.5.2)
      rails (~> 4.2)

GIT
  remote: https://github.com/stympy/faker.git
  revision: 210981ba67818d7a57c5042d6a0698f8140a10e1
  specs:
    faker (1.5.0)
      i18n (~> 0.5)

GEM
  remote: https://rubygems.org/
  remote: https://rails-assets.org/
  specs:
    actionmailer (4.2.2)
      actionpack (= 4.2.2)
      actionview (= 4.2.2)
      activejob (= 4.2.2)
      mail (~> 2.5, >= 2.5.4)
      rails-dom-testing (~> 1.0, >= 1.0.5)
    actionpack (4.2.2)
      actionview (= 4.2.2)
      activesupport (= 4.2.2)
      rack (~> 1.6)
      rack-test (~> 0.6.2)
      rails-dom-testing (~> 1.0, >= 1.0.5)
      rails-html-sanitizer (~> 1.0, >= 1.0.1)
    actionview (4.2.2)
      activesupport (= 4.2.2)
      builder (~> 3.1)
      erubis (~> 2.7.0)
      rails-dom-testing (~> 1.0, >= 1.0.5)
      rails-html-sanitizer (~> 1.0, >= 1.0.1)
    active_model_serializers (0.9.3)
      activemodel (>= 3.2)
    activejob (4.2.2)
      activesupport (= 4.2.2)
      globalid (>= 0.3.0)
    activemodel (4.2.2)
      activesupport (= 4.2.2)
      builder (~> 3.1)
    activerecord (4.2.2)
      activemodel (= 4.2.2)
      activesupport (= 4.2.2)
      arel (~> 6.0)
    activesupport (4.2.2)
      i18n (~> 0.7)
      json (~> 1.7, >= 1.7.7)
      minitest (~> 5.1)
      thread_safe (~> 0.3, >= 0.3.4)
      tzinfo (~> 1.1)
    angular-rails-templates (0.1.4)
      railties (>= 3.1)
      sprockets
      tilt
    angular_rails_csrf (1.0.4)
      rails (>= 3, < 5)
    arel (6.0.3)
    autoprefixer-rails (6.0.3)
      execjs
      json
    bcrypt (3.1.10)
    bootstrap-sass (3.3.5.1)
      autoprefixer-rails (>= 5.0.0.1)
      sass (>= 3.3.0)
    builder (3.2.2)
    cancancan (1.12.0)
    capybara (2.5.0)
      mime-types (>= 1.16)
      nokogiri (>= 1.3.3)
      rack (>= 1.0.0)
      rack-test (>= 0.5.4)
      xpath (~> 2.0)
    carrierwave (0.10.0)
      activemodel (>= 3.2.0)
      activesupport (>= 3.2.0)
      json (>= 1.7)
      mime-types (>= 1.16)
    carrierwave-dropbox (1.2.1)
      carrierwave (~> 0.9)
      dropbox-sdk (~> 1.6)
    childprocess (0.5.6)
      ffi (~> 1.0, >= 1.0.11)
    coffee-rails (4.1.0)
      coffee-script (>= 2.2.0)
      railties (>= 4.0.0, < 5.0)
    coffee-script (2.4.1)
      coffee-script-source
      execjs
    coffee-script-source (1.9.1.1)
    database_cleaner (1.5.0)
    devise (3.5.2)
      bcrypt (~> 3.0)
      orm_adapter (~> 0.1)
      railties (>= 3.2.6, < 5)
      responders
      thread_safe (~> 0.1)
      warden (~> 1.2.3)
    diff-lcs (1.2.5)
    dropbox-sdk (1.6.4)
      json
    erubis (2.7.0)
    execjs (2.6.0)
    factory_girl (4.5.0)
      activesupport (>= 3.0.0)
    factory_girl_rails (4.5.0)
      factory_girl (~> 4.5.0)
      railties (>= 3.0.0)
    faraday (0.9.1)
      multipart-post (>= 1.2, < 3)
    ffi (1.9.10)
    figaro (1.1.1)
      thor (~> 0.14)
    font-awesome-rails (4.4.0.0)
      railties (>= 3.2, < 5.0)
    globalid (0.3.6)
      activesupport (>= 4.1.0)
    hashie (3.4.2)
    i18n (0.7.0)
    jquery-rails (4.0.5)
      rails-dom-testing (~> 1.0)
      railties (>= 4.2.0)
      thor (>= 0.14, < 2.0)
    json (1.8.3)
    jwt (1.5.1)
    libv8 (3.16.14.13)
    loofah (2.0.3)
      nokogiri (>= 1.5.9)
    mail (2.6.3)
      mime-types (>= 1.16, < 3)
    mime-types (2.6.1)
    mini_portile (0.6.2)
    minitest (5.8.0)
    multi_json (1.11.2)
    multi_xml (0.5.5)
    multipart-post (2.0.0)
    nokogiri (1.6.6.2)
      mini_portile (~> 0.6.0)
    oauth2 (1.0.0)
      faraday (>= 0.8, < 0.10)
      jwt (~> 1.0)
      multi_json (~> 1.3)
      multi_xml (~> 0.5)
      rack (~> 1.2)
    omniauth (1.2.2)
      hashie (>= 1.2, < 4)
      rack (~> 1.0)
    omniauth-facebook (2.0.1)
      omniauth-oauth2 (~> 1.2)
    omniauth-oauth2 (1.3.1)
      oauth2 (~> 1.0)
      omniauth (~> 1.2)
    orm_adapter (0.5.0)
    pg (0.18.2)
    rack (1.6.4)
    rack-test (0.6.3)
      rack (>= 1.0)
    rails (4.2.2)
      actionmailer (= 4.2.2)
      actionpack (= 4.2.2)
      actionview (= 4.2.2)
      activejob (= 4.2.2)
      activemodel (= 4.2.2)
      activerecord (= 4.2.2)
      activesupport (= 4.2.2)
      bundler (>= 1.3.0, < 2.0)
      railties (= 4.2.2)
      sprockets-rails
    rails-assets-angular (1.4.6)
    rails-assets-angular-animate (1.4.6)
      rails-assets-angular (= 1.4.6)
    rails-assets-angular-bootstrap (0.14.0)
      rails-assets-angular (>= 1.3.0)
    rails-assets-angular-cookie (4.0.9)
      rails-assets-angular
    rails-assets-angular-file-upload (2.1.4)
      rails-assets-angular (>= 1.1.5, < 2)
    rails-assets-angular-ui-router (0.2.15)
      rails-assets-angular (>= 1.0.8)
    rails-assets-angular-xeditable (0.1.9)
      rails-assets-angular (~> 1.0)
    rails-assets-angularjs-toaster (0.4.15)
      rails-assets-angular (> 1.2.6)
      rails-assets-angular-animate (> 1.2.8)
    rails-assets-lodash (3.10.1)
    rails-assets-ng-token-auth (0.0.28)
      rails-assets-angular (~> 1.4.4)
      rails-assets-angular-cookie (~> 4.0.9)
    rails-assets-restangular (1.5.1)
      rails-assets-angular (~> 1.0)
      rails-assets-lodash (>= 1.3.0)
    rails-deprecated_sanitizer (1.0.3)
      activesupport (>= 4.2.0.alpha)
    rails-dom-testing (1.0.7)
      activesupport (>= 4.2.0.beta, < 5.0)
      nokogiri (~> 1.6.0)
      rails-deprecated_sanitizer (>= 1.0.1)
    rails-html-sanitizer (1.0.2)
      loofah (~> 2.0)
    rails_12factor (0.0.3)
      rails_serve_static_assets
      rails_stdout_logging
    rails_serve_static_assets (0.0.4)
    rails_stdout_logging (0.0.4)
    railties (4.2.2)
      actionpack (= 4.2.2)
      activesupport (= 4.2.2)
      rake (>= 0.8.7)
      thor (>= 0.18.1, < 2.0)
    rake (10.4.2)
    rdoc (4.2.0)
    ref (2.0.0)
    responders (2.1.0)
      railties (>= 4.2.0, < 5)
    rspec-core (3.3.2)
      rspec-support (~> 3.3.0)
    rspec-expectations (3.3.1)
      diff-lcs (>= 1.2.0, < 2.0)
      rspec-support (~> 3.3.0)
    rspec-mocks (3.3.2)
      diff-lcs (>= 1.2.0, < 2.0)
      rspec-support (~> 3.3.0)
    rspec-rails (3.3.3)
      actionpack (>= 3.0, < 4.3)
      activesupport (>= 3.0, < 4.3)
      railties (>= 3.0, < 4.3)
      rspec-core (~> 3.3.0)
      rspec-expectations (~> 3.3.0)
      rspec-mocks (~> 3.3.0)
      rspec-support (~> 3.3.0)
    rspec-support (3.3.0)
    rubyzip (1.1.7)
    sass (3.4.18)
    sass-rails (5.0.3)
      railties (>= 4.0.0, < 5.0)
      sass (~> 3.1)
      sprockets (>= 2.8, < 4.0)
      sprockets-rails (>= 2.0, < 4.0)
      tilt (~> 1.1)
    sdoc (0.4.1)
      json (~> 1.7, >= 1.7.7)
      rdoc (~> 4.0)
    selenium-webdriver (2.47.1)
      childprocess (~> 0.5)
      multi_json (~> 1.0)
      rubyzip (~> 1.0)
      websocket (~> 1.0)
    shoulda-matchers (2.8.0)
      activesupport (>= 3.0.0)
    sprockets (3.3.4)
      rack (~> 1.0)
    sprockets-rails (2.3.2)
      actionpack (>= 3.0)
      activesupport (>= 3.0)
      sprockets (>= 2.8, < 4.0)
    therubyracer (0.12.2)
      libv8 (~> 3.16.14.0)
      ref
    thor (0.19.1)
    thread_safe (0.3.5)
    tilt (1.4.1)
    tzinfo (1.2.2)
      thread_safe (~> 0.1)
    uglifier (2.7.2)
      execjs (>= 0.3.0)
      json (>= 1.8.0)
    warden (1.2.3)
      rack (>= 1.0)
    websocket (1.2.2)
    xpath (2.0.0)
      nokogiri (~> 1.3)

PLATFORMS
  ruby

DEPENDENCIES
  active_model_serializers
  angular-rails-templates
  angular_rails_csrf
  bootstrap-sass (~> 3.3.5)
  cancancan (~> 1.10)
  capybara
  carrierwave
  carrierwave-dropbox
  coffee-rails (~> 4.1.0)
  database_cleaner
  devise_token_auth!
  factory_girl_rails
  faker!
  figaro
  font-awesome-rails
  jquery-rails
  omniauth-facebook
  pg
  rails (= 4.2.2)
  rails-assets-angular!
  rails-assets-angular-bootstrap!
  rails-assets-angular-cookie!
  rails-assets-angular-file-upload!
  rails-assets-angular-ui-router!
  rails-assets-angular-xeditable!
  rails-assets-angularjs-toaster!
  rails-assets-lodash!
  rails-assets-ng-token-auth!
  rails-assets-restangular!
  rails_12factor
  rspec-rails (~> 3.0)
  sass-rails (~> 5.0)
  sdoc (~> 0.4.0)
  selenium-webdriver
  shoulda-matchers
  sprockets
  therubyracer
  uglifier (>= 1.3.0)

BUNDLED WITH
   1.10.6
